PATH
  remote: .
  specs:
    icebreaker (0.3.0)
      thor

GEM
  remote: http://rubygems.org/
  specs:
    thor (0.16.0)

PLATFORMS
  ruby

DEPENDENCIES
  bundler
  icebreaker!
