PATH
  remote: .
  specs:
    icebreaker (0.2.0)
      thor

GEM
  remote: http://rubygems.org/
  specs:
    thor (0.15.2)

PLATFORMS
  ruby

DEPENDENCIES
  bundler
  icebreaker!
