PATH
  remote: .
  specs:
    icebreaker (0.1.2)
      thor

GEM
  remote: http://rubygems.org/
  specs:
    thor (0.14.6)

PLATFORMS
  ruby

DEPENDENCIES
  bundler
  icebreaker!
